PATH
  remote: .
  specs:
    PRNSTN (0.1.0)

GEM
  remote: https://rubygems.org/
  specs:
    ast (2.3.0)
    cupsffi (0.1.5)
      ffi
    diff-lcs (1.2.5)
    ffi (1.9.14)
    parser (2.3.3.1)
      ast (~> 2.2)
    powerpack (0.1.1)
    rainbow (2.2.1)
    rake (10.5.0)
    rspec (3.5.0)
      rspec-core (~> 3.5.0)
      rspec-expectations (~> 3.5.0)
      rspec-mocks (~> 3.5.0)
    rspec-core (3.5.4)
      rspec-support (~> 3.5.0)
    rspec-expectations (3.5.0)
      diff-lcs (>= 1.2.0, < 2.0)
      rspec-support (~> 3.5.0)
    rspec-mocks (3.5.0)
      diff-lcs (>= 1.2.0, < 2.0)
      rspec-support (~> 3.5.0)
    rspec-support (3.5.0)
    rubocop (0.47.1)
      parser (>= 2.3.3.1, < 3.0)
      powerpack (~> 0.1)
      rainbow (>= 1.99.1, < 3.0)
      ruby-progressbar (~> 1.7)
      unicode-display_width (~> 1.0, >= 1.0.1)
    ruby-progressbar (1.8.1)
    unicode-display_width (1.1.3)

PLATFORMS
  ruby

DEPENDENCIES
  PRNSTN!
  bundler (~> 1.13)
  cupsffi (~> 0.1)
  rake (~> 10.0)
  rspec (~> 3.0)
  rubocop (~> 0.47.1)

BUNDLED WITH
   1.13.6
